PATH
  remote: .
  specs:
    spuit (0.0.7)
      rake
      thor (~> 0.19)

GEM
  remote: https://rubygems.org/
  specs:
    rake (12.0.0)
    thor (0.19.4)

PLATFORMS
  ruby

DEPENDENCIES
  spuit!

BUNDLED WITH
   1.15.1
